GEM
  remote: http://rubygems.org/
  specs:
    activemodel (5.2.4.3)
      activesupport (= 5.2.4.3)
    activesupport (5.2.4.3)
      concurrent-ruby (~> 1.0, >= 1.0.2)
      i18n (>= 0.7, < 2)
      minitest (~> 5.1)
      tzinfo (~> 1.1)
    bson (4.8.2)
    bson_ext (1.4.0)
    coderay (0.9.8)
    concurrent-ruby (1.1.6)
    crack (0.1.8)
    httparty (0.7.8)
      crack (= 0.1.8)
    i18n (1.8.2)
      concurrent-ruby (~> 1.0)
    json (1.4.6)
    method_source (0.6.6)
      ruby_parser (~> 2.0.5)
    mime-types (1.16)
    minitest (5.14.1)
    mongo (2.12.1)
      bson (>= 4.8.2, < 5.0.0)
    mongoid (7.1.1)
      activemodel (>= 5.1, < 6.1)
      mongo (>= 2.7.0, < 3.0.0)
    neography (0.0.14)
      httparty (~> 0.7.3)
      json
    nokogiri (1.5.0)
    pry (0.9.6.2)
      coderay (~> 0.9.8)
      method_source (~> 0.6.5)
      ruby_parser (~> 2.0.5)
      slop (~> 2.1.0)
    rest-client (1.6.7)
      mime-types (>= 1.16)
    ruby_parser (2.0.6)
      sexp_processor (~> 3.0)
    sexp_processor (3.0.7)
    slop (2.1.0)
    thread_safe (0.3.6)
    tzinfo (1.2.7)
      thread_safe (~> 0.1)

PLATFORMS
  ruby

DEPENDENCIES
  bson
  bson_ext
  mongo
  mongoid (>= 6.0.0)
  neography
  nokogiri
  pry
  rest-client

BUNDLED WITH
   1.17.3
