GIT
  remote: git://github.com/mojombo/grit.git
  revision: ff015074ef35bd94cba943f9c0f98e161ab5851c
  specs:
    grit (2.4.1)
      diff-lcs (~> 1.1)
      mime-types (~> 1.15)
      posix-spawn (~> 0.3.6)

PATH
  remote: .
  specs:
    gollum (1.3.1)
      github-markup (>= 0.4.0, < 1.0.0)
      mustache (>= 0.11.2, < 1.0.0)
      nokogiri (~> 1.4)
      pygments.rb (~> 0.2.0)
      redcarpet
      sanitize (~> 2.0.0)
      sinatra (~> 1.0)

GEM
  remote: http://rubygems.org/
  specs:
    RedCloth (4.2.8)
    blankslate (2.1.2.4)
    builder (3.0.0)
    diff-lcs (1.1.3)
    expression_parser (0.9.0)
    ffi (1.0.10)
    github-markup (0.5.3)
    metaclass (0.0.1)
    mime-types (1.17.1)
    mini_portile2 (2.5.1)
    mocha (0.10.0)
      metaclass (~> 0.0.1)
    mustache (0.99.4)
    nokogiri (1.11.4)
      mini_portile2 (~> 2.5.0)
      racc (~> 1.4)
    org-ruby (0.6.0)
      rubypants (>= 0.2.0)
    posix-spawn (0.3.6)
    pygments.rb (0.2.3)
      rubypython (>= 0.5.1)
    racc (1.5.2)
    rack (1.3.5)
    rack-protection (1.1.4)
      rack
    rack-test (0.6.1)
      rack (>= 1.0)
    rake (0.9.2.2)
    rdiscount (1.6.8)
    redcarpet (1.17.2)
    rubypants (0.2.0)
    rubypython (0.5.3)
      blankslate (>= 2.1.2.3)
      ffi (~> 1.0.7)
    sanitize (2.0.6)
      nokogiri (>= 1.4.4)
    shoulda (2.11.3)
    sinatra (1.3.1)
      rack (~> 1.3, >= 1.3.4)
      rack-protection (~> 1.1, >= 1.1.2)
      tilt (~> 1.3, >= 1.3.3)
    tilt (1.3.3)
    wikicloth (0.6.3)
      builder
      expression_parser

PLATFORMS
  ruby

DEPENDENCIES
  RedCloth
  gollum!
  grit!
  mocha
  org-ruby
  rack-test
  rake (~> 0.9.2)
  rdiscount
  shoulda
  wikicloth (~> 0.6.3)
